GEM
  remote: https://rubygems.org/
  specs:
    activemodel (4.2.5)
      activesupport (= 4.2.5)
      builder (~> 3.1)
    activerecord (4.2.5)
      activemodel (= 4.2.5)
      activesupport (= 4.2.5)
      arel (~> 6.0)
    activesupport (4.2.5)
      i18n (~> 0.7)
      json (~> 1.7, >= 1.7.7)
      minitest (~> 5.1)
      thread_safe (~> 0.3, >= 0.3.4)
      tzinfo (~> 1.1)
    arel (6.0.3)
    builder (3.2.2)
    cuba (3.4.0)
      rack
    dalli (2.7.4)
    foreman (0.78.0)
      thor (~> 0.19.1)
    i18n (0.7.0)
    json (1.8.3)
    minitest (5.8.3)
    oj (2.13.1)
    oj_mimic_json (1.0.1)
    pg (0.18.4)
    puma (2.15.3)
    rack (1.6.4)
    rack-cache (1.5.1)
      rack (>= 0.4)
    rack-ssl (1.4.1)
      rack
    rake (10.4.2)
    rubyzip (1.1.7)
    thor (0.19.1)
    thread_safe (0.3.5)
    tzinfo (1.2.2)
      thread_safe (~> 0.1)

PLATFORMS
  ruby

DEPENDENCIES
  activerecord
  cuba
  dalli
  foreman
  oj
  oj_mimic_json
  pg
  puma
  rack
  rack-cache
  rack-ssl
  rake
  rubyzip (>= 1.1.0)

BUNDLED WITH
   1.10.6
